GEM
  remote: http://rubygems.org/
  specs:
    activesupport (3.0.0)
    cinch (1.1.3)
    coderay (0.9.8)
    diff-lcs (1.1.3)
    fakefs (0.4.0)
    ffi (1.0.9)
    guard (0.8.4)
      thor (~> 0.14.6)
    guard-bundler (0.1.3)
      bundler (>= 1.0.0)
      guard (>= 0.2.2)
    guard-process (1.0.2)
      ffi (~> 1.0.9)
      guard (>= 0.4.2)
      spoon (~> 0.0.1)
    guard-rspec (0.5.0)
      guard (>= 0.8.4)
    libnotify (0.5.7)
    method_source (0.6.6)
      ruby_parser (~> 2.0.5)
    nokogiri (1.5.0)
    pry (0.9.6.2)
      coderay (~> 0.9.8)
      method_source (~> 0.6.5)
      ruby_parser (~> 2.0.5)
      slop (~> 2.1.0)
    rspec (2.7.0)
      rspec-core (~> 2.7.0)
      rspec-expectations (~> 2.7.0)
      rspec-mocks (~> 2.7.0)
    rspec-core (2.7.1)
    rspec-expectations (2.7.0)
      diff-lcs (~> 1.1.2)
    rspec-mocks (2.7.0)
    ruby_parser (2.0.6)
      sexp_processor (~> 3.0)
    sexp_processor (3.0.7)
    slop (2.1.0)
    spoon (0.0.1)
    thor (0.14.6)

PLATFORMS
  ruby

DEPENDENCIES
  activesupport
  cinch
  fakefs
  guard
  guard-bundler
  guard-process
  guard-rspec
  libnotify
  nokogiri
  pry
  rspec
